PATH
  remote: .
  specs:
    rautomation (0.17.0)
      ffi (~> 1.9.4)
      windows-pr (~> 0.8.3)

GEM
  remote: https://rubygems.org/
  specs:
    diff-lcs (1.3)
    ffi (1.9.18-x86-mingw32)
    rake (0.9.6)
    rspec (2.99.0)
      rspec-core (~> 2.99.0)
      rspec-expectations (~> 2.99.0)
      rspec-mocks (~> 2.99.0)
    rspec-core (2.99.2)
    rspec-expectations (2.99.2)
      diff-lcs (>= 1.1.3, < 2.0)
    rspec-mocks (2.99.4)
    win32-api (1.7.1-universal-mingw32)
    windows-api (0.4.4)
      win32-api (>= 1.4.5)
    windows-pr (0.8.7)
      windows-api (>= 0.2.3)
    yard (0.9.12)

PLATFORMS
  x86-mingw32

DEPENDENCIES
  rake
  rautomation!
  rspec (~> 2.14)
  yard

BUNDLED WITH
   1.16.1
